GEM
  remote: https://rubygems.org/
  specs:
    addressable (2.3.6)
    axiom-types (0.1.1)
      descendants_tracker (~> 0.0.4)
      ice_nine (~> 0.11.0)
      thread_safe (~> 0.3, >= 0.3.1)
    celluloid (0.15.2)
      timers (~> 1.1.0)
    coercible (1.0.0)
      descendants_tracker (~> 0.0.1)
    descendants_tracker (0.0.4)
      thread_safe (~> 0.3, >= 0.3.1)
    equalizer (0.0.9)
    faraday (0.8.9)
      multipart-post (~> 1.2.0)
    faraday_middleware (0.9.1)
      faraday (>= 0.7.4, < 0.10)
    ice_nine (0.11.0)
    kgio (2.9.2)
    multipart-post (1.2.0)
    rack (1.5.2)
    rack-protection (1.5.3)
      rack
    rack-timeout (0.0.4)
    raindrops (0.13.0)
    sinatra (1.4.5)
      rack (~> 1.4)
      rack-protection (~> 1.4)
      tilt (~> 1.3, >= 1.3.4)
    sucker_punch (1.1)
      celluloid (~> 0.15.2)
    thread_safe (0.3.4)
    tilt (1.4.1)
    timers (1.1.0)
    tracker_api (0.2.5)
      addressable
      faraday (~> 0.8.0)
      faraday_middleware
      virtus
    unicorn (4.8.3)
      kgio (~> 2.6)
      rack
      raindrops (~> 0.7)
    virtus (1.0.3)
      axiom-types (~> 0.1)
      coercible (~> 1.0)
      descendants_tracker (~> 0.0, >= 0.0.3)
      equalizer (~> 0.0, >= 0.0.9)

PLATFORMS
  ruby

DEPENDENCIES
  rack-timeout
  sinatra
  sucker_punch
  tracker_api
  unicorn
