GEM
  remote: https://rubygems.org/
  specs:
    addressable (2.3.6)
    celluloid (0.15.2)
      timers (~> 1.1.0)
    dotenv (0.11.1)
      dotenv-deployment (~> 0.0.2)
    dotenv-deployment (0.0.2)
    faraday (0.9.0)
      multipart-post (>= 1.2, < 3)
    kgio (2.9.2)
    multipart-post (2.0.0)
    octokit (3.2.0)
      sawyer (~> 0.5.3)
    rack (1.5.2)
    rack-protection (1.5.3)
      rack
    rack-timeout (0.0.4)
    raindrops (0.13.0)
    sawyer (0.5.4)
      addressable (~> 2.3.5)
      faraday (~> 0.8, < 0.10)
    sinatra (1.4.5)
      rack (~> 1.4)
      rack-protection (~> 1.4)
      tilt (~> 1.3, >= 1.3.4)
    sucker_punch (1.1)
      celluloid (~> 0.15.2)
    tilt (1.4.1)
    timers (1.1.0)
    unicorn (4.8.3)
      kgio (~> 2.6)
      rack
      raindrops (~> 0.7)

PLATFORMS
  ruby

DEPENDENCIES
  dotenv
  octokit
  rack-timeout
  sinatra
  sucker_punch
  unicorn
